GEM
  remote: https://rubygems.org/
  specs:
    breakpoint (2.0.7)
      compass (>= 0.12.1)
      sass (>= 3.2.0)
    compass (0.12.6)
      sass (~> 3.2.19)
    compass-blend-modes (0.0.2)
      compass
    compass-normalize (1.5)
      compass (>= 0.12.0)
    compass-rgbapng (0.2.1)
      compass (>= 0.10.0)
    compass-validator (3.0.1)
    sass (3.2.19)
    sass-globbing (1.1.1)
      sass (>= 3.1)
    sassy-strings (1.0.0)
      compass (>= 0.12.2)
    singularitygs (1.1.2)
      breakpoint (>= 2.0.1)
      compass (>= 0.12.2)
      sass (>= 3.2.1)
      compass (>= 0.12.2)
      sass (>= 3.2.0)
      breakpoint (>= 2.0.6)
      compass (>= 0.12.2)
      sassy-strings (>= 1.0.0)
      singularitygs (>= 1.1.2)

PLATFORMS
  ruby

DEPENDENCIES
  breakpoint
  compass
  compass-normalize
  compass-rgbapng
  compass-validator
  css_parser
  sass
  sass-globbing
  singularitygs
 
